GEM
  remote: http://rubygems.org/
  specs:
    haml (3.1.2)
    nest (1.1.0)
      redis (~> 2.1)
    ohm (0.1.3)
      nest (~> 1.0)
    rack (1.2.2)
    rdiscount (1.6.8)
    redis (2.1.1)
    sinatra (1.1.2)
      rack (~> 1.1)
      tilt (~> 1.2)
    tilt (1.2.2)

PLATFORMS
  ruby

DEPENDENCIES
  haml
  ohm
  rdiscount
  sinatra
