GEM
  remote: http://rubygems.org/
  specs:
    haml (3.1.2)
    rack (1.2.2)
    rdiscount (1.6.8)
    sinatra (1.1.2)
      rack (~> 1.1)
      tilt (~> 1.2)
    tilt (1.2.2)

PLATFORMS
  ruby

DEPENDENCIES
  haml
  rdiscount
  sinatra
